GEM
  remote: https://rubygems.org/
  specs:
    coderay (1.1.0)
    ethon (0.6.2)
      ffi (>= 1.3.0)
      mime-types (~> 1.18)
    ffi (1.9.3)
    method_source (0.8.2)
    mime-types (1.25.1)
    pry (0.9.12.4)
      coderay (~> 1.0)
      method_source (~> 0.8)
      slop (~> 3.4)
    slop (3.4.7)
    typhoeus (0.6.7)
      ethon (~> 0.6.2)

PLATFORMS
  ruby

DEPENDENCIES
  pry
  typhoeus
